GEM
  remote: https://rubygems.org/
  specs:
    rb-fsevent (0.9.4)
    sass (3.2.14)

PLATFORMS
  ruby

DEPENDENCIES
  rb-fsevent (~> 0.9)
  sass
